GEM
  remote: http://rubygems.org/
  specs:
    nokogiri (1.4.3.1)
    rack (1.2.1)
    sinatra (1.0)
      rack (>= 1.0)
    unicorn (1.1.2)
      rack

PLATFORMS
  ruby

DEPENDENCIES
  nokogiri
  rack
  sinatra
  unicorn
